PATH
  remote: .
  specs:
    aws_stack_builder (0.1.0)

GEM
  remote: https://rubygems.org/
  specs:
    rake (10.5.0)

PLATFORMS
  ruby

DEPENDENCIES
  aws_stack_builder!
  bundler (~> 1.16)
  rake (~> 10.0)

BUNDLED WITH
   1.16.2
